PATH
  remote: .
  specs:
    clindex (2.0.1)
      clutil (>= 2011.138.0)

GEM
  remote: https://rubygems.org/
  specs:
    ast (2.4.0)
    clutil (2017.063.0)
      rake
    jaro_winkler (1.5.1)
    minitest (5.11.3)
    parallel (1.12.1)
    parser (2.5.3.0)
      ast (~> 2.4.0)
    powerpack (0.1.2)
    rainbow (3.0.0)
    rake (13.0.1)
    rubocop (0.62.0)
      jaro_winkler (~> 1.5.1)
      parallel (~> 1.10)
      parser (>= 2.5, != 2.5.1.1)
      powerpack (~> 0.1)
      rainbow (>= 2.2.2, < 4.0)
      ruby-progressbar (~> 1.7)
      unicode-display_width (~> 1.4.0)
    ruby-progressbar (1.10.0)
    unicode-display_width (1.4.1)

PLATFORMS
  ruby

DEPENDENCIES
  clindex!
  minitest
  rubocop
